GIT
  remote: git://github.com/kristianmandrup/sugar-high.git
  revision: a664566b1ae94a404553c2fe2434165e0c5f550b
  specs:
    sugar-high (0.7.3)

GIT
  remote: git://github.com/kristianmandrup/timespan.git
  revision: 6c83bab3f847ccea8a6c37d749a195d59b94c440
  specs:
    timespan (0.5.7)
      activesupport (>= 3.0.0)
      chronic
      chronic_duration
      spanner
      sugar-high (>= 0.7.3)
      time-lord (>= 1.0.0)
      xduration (>= 3.0.0)

GIT
  remote: git://github.com/mcl/spork-rails.git
  revision: aa60cace3834e2d7e5dc874d56e5f6e3278163ab
  specs:
    spork-rails (3.2.1)
      rails (>= 3.0.0)
      spork (>= 1.0rc0)

GIT
  remote: git://github.com/mongoid/mongoid.git
  revision: 4d60824665ade2fb37e8ebca3585d0b959db04bc
  specs:
    mongoid (4.0.0)
      activemodel (~> 4.0.0.beta)
      moped (~> 1.4.2)
      origin (~> 1.0)
      tzinfo (~> 0.3.22)

GIT
  remote: git://github.com/rails/rails.git
  revision: 36f7732e820ce4d3c4a46bd0a1b15fd8902467b3
  specs:
    actionmailer (4.0.0.beta1)
      actionpack (= 4.0.0.beta1)
      mail (~> 2.5.3)
    actionpack (4.0.0.beta1)
      activesupport (= 4.0.0.beta1)
      builder (~> 3.1.0)
      erubis (~> 2.7.0)
      rack (~> 1.5.2)
      rack-test (~> 0.6.2)
    activemodel (4.0.0.beta1)
      activesupport (= 4.0.0.beta1)
      builder (~> 3.1.0)
    activerecord (4.0.0.beta1)
      activemodel (= 4.0.0.beta1)
      activerecord-deprecated_finders (~> 0.0.3)
      activesupport (= 4.0.0.beta1)
      arel (~> 4.0.0.beta1)
    activesupport (4.0.0.beta1)
      i18n (~> 0.6, >= 0.6.4)
      minitest (~> 4.2)
      multi_json (~> 1.3)
      thread_safe (~> 0.1)
      tzinfo (~> 0.3.33)
    rails (4.0.0.beta1)
      actionmailer (= 4.0.0.beta1)
      actionpack (= 4.0.0.beta1)
      activerecord (= 4.0.0.beta1)
      activesupport (= 4.0.0.beta1)
      bundler (>= 1.3.0, < 2.0)
      railties (= 4.0.0.beta1)
      sprockets-rails (~> 2.0.0.rc3)
    railties (4.0.0.beta1)
      actionpack (= 4.0.0.beta1)
      activesupport (= 4.0.0.beta1)
      rake (>= 0.8.7)
      rdoc (~> 3.4)
      thor (>= 0.17.0, < 2.0)

PATH
  remote: .
  specs:
    property_photos (0.0.1)

PATH
  remote: /Users/kmandrup/private/repos/ffaker
  specs:
    ffaker (1.14.1)

GEM
  remote: https://rubygems.org/
  specs:
    activerecord-deprecated_finders (0.0.3)
    addressable (2.3.3)
    arel (4.0.0.beta1)
    atomic (1.0.1)
    bourne (1.1.2)
      mocha (= 0.10.5)
    builder (3.1.4)
    capybara (2.0.2)
      mime-types (>= 1.16)
      nokogiri (>= 1.3.3)
      rack (>= 1.0.0)
      rack-test (>= 0.5.4)
      selenium-webdriver (~> 2.0)
      xpath (~> 1.0.0)
    capybara-webkit (0.14.2)
      capybara (~> 2.0, >= 2.0.2)
      json
    childprocess (0.3.9)
      ffi (~> 1.0, >= 1.0.11)
    chronic (0.9.1)
    chronic_duration (0.10.2)
      numerizer (~> 0.1.1)
    coderay (1.0.9)
    colorize (0.5.8)
    concerned (0.1.6)
    cutter (0.8.9)
      colorize (>= 0.5)
    database_cleaner (0.9.1)
    delorean (1.1.1)
      chronic
    diff-lcs (1.2.1)
    erubis (2.7.0)
    factory_girl (4.2.0)
      activesupport (>= 3.0.0)
    factory_girl_rails (4.2.1)
      factory_girl (~> 4.2.0)
      railties (>= 3.0.0)
    fakeweb (1.3.0)
    ffi (1.4.0)
    growl (1.0.3)
    guard (1.6.2)
      listen (>= 0.6.0)
      lumberjack (>= 1.0.2)
      pry (>= 0.9.10)
      terminal-table (>= 1.4.3)
      thor (>= 0.14.6)
    guard-bundler (1.0.0)
      bundler (~> 1.0)
      guard (~> 1.1)
    guard-rspec (2.5.1)
      guard (>= 1.1)
      rspec (~> 2.11)
    guard-spork (1.5.0)
      childprocess (>= 0.2.3)
      guard (>= 1.1)
      spork (>= 0.8.4)
    hashie (2.0.2)
    hike (1.2.1)
    i18n (0.6.4)
    jquery-rails (2.2.1)
      railties (>= 3.0, < 5.0)
      thor (>= 0.14, < 2.0)
    json (1.7.7)
    json_pure (1.7.7)
    launchy (2.2.0)
      addressable (~> 2.3)
    listen (0.7.3)
    lumberjack (1.0.2)
    mail (2.5.3)
      i18n (>= 0.4.0)
      mime-types (~> 1.16)
      treetop (~> 1.4.8)
    metaclass (0.0.1)
    method_source (0.8.1)
    mime-types (1.21)
    minitest (4.6.2)
    mocha (0.10.5)
      metaclass (~> 0.0.1)
    moped (1.4.3)
    multi_json (1.6.1)
    nokogiri (1.5.6)
    numerizer (0.1.1)
    origin (1.0.11)
    origin-selectable_ext (0.1.1)
      origin
    polyglot (0.3.3)
    pry (0.9.12)
      coderay (~> 1.0.5)
      method_source (~> 0.8)
      slop (~> 3.4)
    rack (1.5.2)
    rack-test (0.6.2)
      rack (>= 1.0)
    rails_config_loader (0.1.5)
      hashie
      json_pure
    rake (10.0.3)
    rdoc (3.12.2)
      json (~> 1.4)
    rspec (2.13.0)
      rspec-core (~> 2.13.0)
      rspec-expectations (~> 2.13.0)
      rspec-mocks (~> 2.13.0)
    rspec-core (2.13.1)
    rspec-expectations (2.13.0)
      diff-lcs (>= 1.1.3, < 2.0)
    rspec-mocks (2.13.0)
    rspec-rails (2.13.0)
      actionpack (>= 3.0)
      activesupport (>= 3.0)
      railties (>= 3.0)
      rspec-core (~> 2.13.0)
      rspec-expectations (~> 2.13.0)
      rspec-mocks (~> 2.13.0)
    rubyzip (0.9.9)
    selenium-webdriver (2.31.0)
      childprocess (>= 0.2.5)
      multi_json (~> 1.0)
      rubyzip
      websocket (~> 1.0.4)
    shoulda (3.3.2)
      shoulda-context (~> 1.0.1)
      shoulda-matchers (~> 1.4.1)
    shoulda-context (1.0.2)
    shoulda-matchers (1.4.2)
      activesupport (>= 3.0.0)
      bourne (~> 1.1.2)
    slop (3.4.4)
    spanner (0.0.2)
    spork (1.0.0rc3)
    sprockets (2.9.0)
      hike (~> 1.2)
      multi_json (~> 1.0)
      rack (~> 1.0)
      tilt (~> 1.1, != 1.3.0)
    sprockets-rails (2.0.0.rc3)
      actionpack (>= 3.0)
      activesupport (>= 3.0)
      sprockets (~> 2.8)
    terminal-table (1.4.5)
    thor (0.17.0)
    thread_safe (0.1.0)
      atomic
    tilt (1.3.5)
    time-lord (1.0.1)
    treetop (1.4.12)
      polyglot
      polyglot (>= 0.3.1)
    tzinfo (0.3.37)
    websocket (1.0.7)
    xduration (3.0.0)
      activesupport (>= 3.0.0)
      i18n (>= 0.6)
    xpath (1.0.0)
      nokogiri (~> 1.3)

PLATFORMS
  ruby

DEPENDENCIES
  bundler (>= 1.3)
  capybara
  capybara-webkit
  concerned (~> 0.1.6)
  cutter (~> 0.8.2)
  database_cleaner (>= 0.8)
  delorean (~> 1.1.1)
  factory_girl_rails
  fakeweb
  ffaker (~> 1.14.1)!
  growl
  guard
  guard-bundler
  guard-rspec
  guard-spork
  hashie (~> 2.0)
  jquery-rails
  launchy
  mongoid (>= 4)!
  origin-selectable_ext
  property_photos!
  rails (~> 4.0.0.beta1)!
  rails_config_loader (>= 0.1.4)
  rspec-rails
  shoulda
  shoulda-matchers
  spork
  spork-rails (>= 3.2.0)!
  sugar-high (~> 0.7.3)!
  thor (>= 0.17)
  timespan (>= 0.5.6)!
